GEM
  remote: https://rubygems.org/
  specs:
    capybara (2.5.0)
      mime-types (>= 1.16)
      nokogiri (>= 1.3.3)
      rack (>= 1.0.0)
      rack-test (>= 0.5.4)
      xpath (~> 2.0)
    coderay (1.1.0)
    diff-lcs (1.2.5)
    dotenv (2.0.2)
    http_router (0.11.2)
      rack (>= 1.0.0)
      url_mount (~> 0.2.1)
    kgio (2.10.0)
    lotus-controller (0.4.5)
      lotus-utils (~> 0.5)
      lotus-validations (~> 0.3, >= 0.3.3)
      rack (~> 1.6, >= 1.6.2)
    lotus-helpers (0.2.5)
      lotus-utils (~> 0.5, >= 0.5.2)
    lotus-mailer (0.1.0)
      lotus-utils (~> 0.5)
      mail (~> 2.5)
      tilt (~> 2.0, >= 2.0.1)
    lotus-model (0.5.0)
      lotus-utils (~> 0.5)
      sequel (~> 4.9)
    lotus-router (0.4.3)
      http_router (~> 0.11)
      lotus-utils (~> 0.5, >= 0.5.1)
    lotus-utils (0.5.2)
    lotus-validations (0.3.3)
      lotus-utils (~> 0.5)
    lotus-view (0.4.4)
      lotus-utils (~> 0.5)
      tilt (~> 2.0, >= 2.0.1)
    lotusrb (0.5.0)
      dotenv (~> 2.0)
      lotus-controller (~> 0.4, >= 0.4.5)
      lotus-helpers (~> 0.2, >= 0.2.5)
      lotus-mailer (~> 0.1)
      lotus-router (~> 0.4, >= 0.4.3)
      lotus-utils (~> 0.5, >= 0.5.2)
      lotus-view (~> 0.4, >= 0.4.4)
      shotgun (~> 0.9)
      thor (~> 0.19)
    mail (2.6.3)
      mime-types (>= 1.16, < 3)
    method_source (0.8.2)
    mime-types (2.6.2)
    mini_portile (0.6.2)
    nokogiri (1.6.6.2)
      mini_portile (~> 0.6.0)
    pg (0.18.3)
    pry (0.10.3)
      coderay (~> 1.1.0)
      method_source (~> 0.8.1)
      slop (~> 3.4)
    rack (1.6.4)
    rack-parser (0.6.1)
      rack
    rack-session-sequel (0.0.1)
      rack
      sequel
    rack-test (0.6.3)
      rack (>= 1.0)
    raindrops (0.15.0)
    rspec (3.3.0)
      rspec-core (~> 3.3.0)
      rspec-expectations (~> 3.3.0)
      rspec-mocks (~> 3.3.0)
    rspec-core (3.3.2)
      rspec-support (~> 3.3.0)
    rspec-expectations (3.3.1)
      diff-lcs (>= 1.2.0, < 2.0)
      rspec-support (~> 3.3.0)
    rspec-mocks (3.3.2)
      diff-lcs (>= 1.2.0, < 2.0)
      rspec-support (~> 3.3.0)
    rspec-support (3.3.0)
    sequel (4.27.0)
    shotgun (0.9.1)
      rack (>= 1.0)
    slop (3.6.0)
    thor (0.19.1)
    tilt (2.0.1)
    unicorn (4.9.0)
      kgio (~> 2.6)
      rack
      raindrops (~> 0.7)
    url_mount (0.2.1)
      rack
    xpath (2.0.0)
      nokogiri (~> 1.3)

PLATFORMS
  ruby

DEPENDENCIES
  capybara
  dotenv
  lotus-model
  lotusrb
  pg
  pry
  rack-parser
  rack-session-sequel
  rspec
  unicorn
