GEM
  remote: https://rubygems.org/
  specs:
    capybara (2.4.4)
      mime-types (>= 1.16)
      nokogiri (>= 1.3.3)
      rack (>= 1.0.0)
      rack-test (>= 0.5.4)
      xpath (~> 2.0)
    coderay (1.1.0)
    diff-lcs (1.2.5)
    dotenv (1.0.2)
    http_router (0.11.1)
      rack (>= 1.0.0)
      url_mount (~> 0.2.1)
    kgio (2.9.3)
    lotus-controller (0.4.2)
      lotus-utils (~> 0.4, >= 0.4.2)
      lotus-validations (~> 0.3)
      rack (~> 1.5)
    lotus-helpers (0.1.0)
      lotus-utils (~> 0.4)
    lotus-model (0.3.1)
      lotus-utils (~> 0.4)
      sequel (~> 4.9)
    lotus-router (0.4.0)
      http_router (~> 0.11)
      lotus-utils (~> 0.4, >= 0.4.1)
    lotus-utils (0.4.2)
    lotus-validations (0.3.1)
      lotus-utils (~> 0.4)
    lotus-view (0.4.0)
      lotus-utils (~> 0.4)
      tilt (~> 2.0, >= 2.0.1)
    lotusrb (0.3.1)
      dotenv (~> 1.0)
      lotus-controller (~> 0.4)
      lotus-helpers (~> 0.1)
      lotus-router (~> 0.4)
      lotus-utils (~> 0.4)
      lotus-view (~> 0.4)
      shotgun (~> 0.9)
      thor (~> 0.19)
    method_source (0.8.2)
    mime-types (2.5)
    mini_portile (0.6.2)
    nokogiri (1.6.6.2)
      mini_portile (~> 0.6.0)
    pg (0.18.2)
    pry (0.10.1)
      coderay (~> 1.1.0)
      method_source (~> 0.8.1)
      slop (~> 3.4)
    rack (1.6.1)
    rack-parser (0.6.1)
      rack
    rack-session-sequel (0.0.1)
      rack
      sequel
    rack-test (0.6.3)
      rack (>= 1.0)
    raindrops (0.13.0)
    rspec (3.2.0)
      rspec-core (~> 3.2.0)
      rspec-expectations (~> 3.2.0)
      rspec-mocks (~> 3.2.0)
    rspec-core (3.2.3)
      rspec-support (~> 3.2.0)
    rspec-expectations (3.2.1)
      diff-lcs (>= 1.2.0, < 2.0)
      rspec-support (~> 3.2.0)
    rspec-mocks (3.2.1)
      diff-lcs (>= 1.2.0, < 2.0)
      rspec-support (~> 3.2.0)
    rspec-support (3.2.2)
    sequel (4.22.0)
    shotgun (0.9.1)
      rack (>= 1.0)
    slop (3.6.0)
    thor (0.19.1)
    tilt (2.0.1)
    unicorn (4.9.0)
      kgio (~> 2.6)
      rack
      raindrops (~> 0.7)
    url_mount (0.2.1)
      rack
    xpath (2.0.0)
      nokogiri (~> 1.3)

PLATFORMS
  ruby

DEPENDENCIES
  capybara
  dotenv
  lotus-model
  lotusrb
  pg
  pry
  rack-parser
  rack-session-sequel
  rspec
  unicorn
